PATH
  remote: .
  specs:
    rspec-buildkite (0.1.6)
      json
      net-http
      rspec-core (~> 3.0)

GEM
  remote: https://rubygems.org/
  specs:
    appraisal (2.2.0)
      bundler
      rake
      thor (>= 0.14.0)
    coderay (1.1.2)
    diff-lcs (1.3)
    json (2.6.3)
    net-http (0.3.2)
      uri
    rake (13.0.1)
    rspec (3.8.0)
      rspec-core (~> 3.8.0)
      rspec-expectations (~> 3.8.0)
      rspec-mocks (~> 3.8.0)
    rspec-core (3.8.0)
      rspec-support (~> 3.8.0)
    rspec-expectations (3.8.2)
      diff-lcs (>= 1.2.0, < 2.0)
      rspec-support (~> 3.8.0)
    rspec-mocks (3.8.0)
      diff-lcs (>= 1.2.0, < 2.0)
      rspec-support (~> 3.8.0)
    rspec-support (3.8.0)
    thor (0.20.3)
    uri (0.12.2)

PLATFORMS
  ruby

DEPENDENCIES
  appraisal
  bundler (~> 2.3)
  coderay
  rake
  rspec (~> 3.0)
  rspec-buildkite!

BUNDLED WITH
   2.3.17
