PATH
  remote: .
  specs:
    rspec-buildkite (0.1.3)
      rspec-core (~> 3.0)

GEM
  remote: https://rubygems.org/
  specs:
    appraisal (2.2.0)
      bundler
      rake
      thor (>= 0.14.0)
    coderay (1.1.2)
    diff-lcs (1.3)
    rake (12.3.1)
    rspec (3.7.0)
      rspec-core (~> 3.7.0)
      rspec-expectations (~> 3.7.0)
      rspec-mocks (~> 3.7.0)
    rspec-core (3.7.1)
      rspec-support (~> 3.7.0)
    rspec-expectations (3.7.0)
      diff-lcs (>= 1.2.0, < 2.0)
      rspec-support (~> 3.7.0)
    rspec-mocks (3.7.0)
      diff-lcs (>= 1.2.0, < 2.0)
      rspec-support (~> 3.7.0)
    rspec-support (3.7.1)
    thor (0.20.0)

PLATFORMS
  ruby

DEPENDENCIES
  appraisal
  bundler (~> 1.16)
  coderay
  rake
  rspec (~> 3.0)
  rspec-buildkite!

BUNDLED WITH
   1.16.2
